GEM
  remote: https://rubygems.org/
  specs:
    fileutils (1.0.2)

PLATFORMS
  ruby

DEPENDENCIES
  fileutils

BUNDLED WITH
   2.0.2
